GEM
  remote: https://rubygems.org/
  specs:
    ast (2.3.0)
    childprocess (0.7.0)
      ffi (~> 1.0, >= 1.0.11)
    ffi (1.9.18)
    gauge-ruby (0.4.0)
      method_source (~> 0.8.2)
      os (= 0.9.6)
      parser (~> 2.3)
      ruby-protocol-buffers (= 1.5.1)
    method_source (0.8.2)
    os (0.9.6)
    parser (2.4.0.0)
      ast (~> 2.2)
    power_assert (1.0.2)
    ruby-protocol-buffers (1.5.1)
    rubyzip (1.2.1)
    selenium-webdriver (3.1.0)
      childprocess (~> 0.5)
      rubyzip (~> 1.0)
      websocket (~> 1.0)
    test-unit (3.2.3)
      power_assert
    websocket (1.2.4)

PLATFORMS
  ruby

DEPENDENCIES
  gauge-ruby (~> 0.4.0)
  selenium-webdriver (~> 3.1.0)
  test-unit (~> 3.2.3)

BUNDLED WITH
   1.13.7
